GIT
  remote: git://github.com/trailblazer/formular.git
  revision: ee6fe2a18751ed56caf94ab8b8c96df44a220367
  specs:
    formular (0.2.1)
      declarative (~> 0.0.4)
      uber (>= 0.0.11, < 0.2.0)

GIT
  remote: git://github.com/trailblazer/roar.git
  revision: 020beef5a19a96feda8626fb5e0581b305f384d5
  specs:
    roar (1.1.0)
      representable (~> 3.0.0)

GEM
  remote: https://rubygems.org/
  specs:
    bcrypt (3.1.11)
    better_errors (2.1.1)
      coderay (>= 1.0.0)
      erubis (>= 2.6.6)
      rack (>= 0.9.0)
    binding_of_caller (0.7.2)
      debug_inspector (>= 0.0.1)
    cells (4.1.5)
      tilt (>= 1.4, < 3)
      uber (>= 0.1.0, < 0.2.0)
    cells-erb (0.1.0)
      cells (~> 4.0)
      erbse (>= 0.1.1)
    coderay (1.1.1)
    concurrent-ruby (1.0.4)
    debug_inspector (0.0.2)
    declarative (0.0.8)
      uber (>= 0.0.15)
    disposable (0.3.2)
      declarative (>= 0.0.8, < 1.0.0)
      representable (>= 2.4.0, <= 3.1.0)
      uber
    dry-configurable (0.5.0)
      concurrent-ruby (~> 1.0)
    dry-container (0.6.0)
      concurrent-ruby (~> 1.0)
      dry-configurable (~> 0.1, >= 0.1.3)
    dry-core (0.2.3)
      concurrent-ruby (~> 1.0)
    dry-equalizer (0.2.0)
    dry-logic (0.4.0)
      dry-container (~> 0.2, >= 0.2.6)
      dry-core (~> 0.1)
      dry-equalizer (~> 0.2)
    dry-types (0.9.3)
      concurrent-ruby (~> 1.0)
      dry-configurable (~> 0.1)
      dry-container (~> 0.3)
      dry-core (~> 0.2, >= 0.2.1)
      dry-equalizer (~> 0.2)
      dry-logic (~> 0.4, >= 0.4.0)
      inflecto (~> 0.0.0, >= 0.0.2)
    dry-validation (0.10.4)
      concurrent-ruby (~> 1.0)
      dry-configurable (~> 0.1, >= 0.1.3)
      dry-container (~> 0.2, >= 0.2.8)
      dry-core (~> 0.2, >= 0.2.1)
      dry-equalizer (~> 0.2)
      dry-logic (~> 0.4, >= 0.4.0)
      dry-types (~> 0.9, >= 0.9.0)
    erbse (0.1.1)
      temple
    erubis (2.7.0)
    faraday (0.10.1)
      multipart-post (>= 1.2, < 3)
    ffi (1.9.14)
    hanami-controller (0.8.1)
      hanami-utils (~> 0.9)
      rack (~> 1.6, >= 1.6.2)
    hanami-helpers (0.5.1)
      hanami-utils (~> 0.9)
    hanami-router (0.8.1)
      hanami-utils (~> 0.9, >= 0.9.1)
      http_router (~> 0.11)
      rack (~> 1.6)
    hanami-utils (0.9.2)
    http_router (0.11.2)
      rack (>= 1.0.0)
      url_mount (~> 0.2.1)
    inflecto (0.0.2)
    listen (3.1.5)
      rb-fsevent (~> 0.9, >= 0.9.4)
      rb-inotify (~> 0.9, >= 0.9.7)
      ruby_dep (~> 1.2)
    method_source (0.8.2)
    multi_json (1.12.1)
    multipart-post (2.0.0)
    nio4r (2.5.8)
    pg (0.19.0)
    pipetree (0.0.5)
      uber
    pry (0.10.4)
      coderay (~> 1.1.0)
      method_source (~> 0.8.1)
      slop (~> 3.4)
    puma (5.5.1)
      nio4r (~> 2.0)
    rack (1.6.5)
    rack-console (1.3.1)
      rack (>= 1.1)
      rack-test
    rack-test (0.6.3)
      rack (>= 1.0)
    rb-fsevent (0.9.8)
    rb-inotify (0.9.7)
      ffi (>= 0.5.0)
    reform (2.2.3)
      disposable (>= 0.3.0, < 0.4.0)
      representable (>= 2.4.0, < 3.1.0)
      uber (>= 0.0.15, < 0.2.0)
    representable (3.0.2)
      declarative (~> 0.0.5)
      uber (>= 0.0.15, < 0.2.0)
    rerun (0.11.0)
      listen (~> 3.0)
    ruby_dep (1.5.0)
    sequel (4.42.0)
    slop (3.6.0)
    temple (0.7.7)
    thor (0.19.4)
    tilt (2.0.5)
    trailblazer (2.0.0)
      declarative
      reform (>= 2.2.0, < 3.0.0)
      trailblazer-operation (>= 0.0.9)
      uber (>= 0.1.0, < 0.2.0)
    trailblazer-cells (0.0.3)
      cells (>= 4.1.0.rc1, < 5.0.0)
    trailblazer-loader (0.1.0)
    trailblazer-operation (0.0.9)
      declarative
      pipetree (>= 0.0.5, < 0.1.0)
      uber (>= 0.1.0, < 0.2.0)
    uber (0.1.0)
    url_mount (0.2.1)
      rack
    will_paginate (3.1.5)

PLATFORMS
  ruby

DEPENDENCIES
  bcrypt
  better_errors
  binding_of_caller
  cells-erb
  dry-validation
  faraday
  formular!
  hanami-controller
  hanami-helpers
  hanami-router
  multi_json
  pg
  pry
  puma
  rack-console
  rerun
  roar!
  sequel
  thor
  trailblazer (~> 2.0)
  trailblazer-cells
  trailblazer-loader
  will_paginate

RUBY VERSION
   ruby 2.5.0p0

BUNDLED WITH
   1.16.1
